PATH
  remote: .
  specs:
    mysql-cnf-parser (0.1.0)
      iniparse (~> 1.4, >= 1.4.4)

GEM
  remote: https://rubygems.org/
  specs:
    awesome_print (1.8.0)
    builder (3.2.2)
    cucumber (0.10.7)
      builder (>= 2.1.2)
      diff-lcs (>= 1.1.2)
      gherkin (~> 2.4.0)
      json (>= 1.4.6)
      term-ansicolor (>= 1.0.5)
    diff-lcs (1.2.5)
    gherkin (2.4.21)
      json (>= 1.4.6)
    iniparse (1.4.4)
    json (2.0.2)
    rake (10.5.0)
    rubygems-tasks (0.2.4)
    term-ansicolor (1.3.2)
      tins (~> 1.0)
    tins (1.12.0)

PLATFORMS
  ruby

DEPENDENCIES
  awesome_print
  bundler (~> 1.2)
  cucumber (~> 0.10, >= 0.10.2)
  mysql-cnf-parser!
  rake (~> 10.0)
  rubygems-tasks (~> 0.2)

BUNDLED WITH
   1.16.1
